GEM
  specs:
    rake (0.9.2.2)
    ruby-debug-ide (0.4.16)
      rake (>= 0.8.1)

PLATFORMS
  ruby
  x86-mingw32

DEPENDENCIES
  ruby-debug-ide
